GEM
  remote: https://rubygems.org/
  specs:
    ast (2.3.0)
    colorize (0.8.1)
    datadog-sdk-testing (0.7.4)
      colorize (~> 0.8)
      httparty (~> 0.14)
      rake (~> 11.0)
      rubocop (~> 0.38)
    httparty (0.15.5)
      multi_xml (>= 0.5.2)
    multi_xml (0.6.0)
    parallel (1.12.0)
    parser (2.4.0.0)
      ast (~> 2.2)
    powerpack (0.1.1)
    rainbow (2.2.2)
      rake
    rake (11.3.0)
    rubocop (0.50.0)
      parallel (~> 1.10)
      parser (>= 2.3.3.1, < 3.0)
      powerpack (~> 0.1)
      rainbow (>= 2.2.2, < 3.0)
      ruby-progressbar (~> 1.7)
      unicode-display_width (~> 1.0, >= 1.0.1)
    ruby-progressbar (1.9.0)
    unicode-display_width (1.3.0)

PLATFORMS
  ruby

DEPENDENCIES
  datadog-sdk-testing (~> 0.7.4)
  rake (~> 11.3.0)
  rubocop (~> 0.50.0)

BUNDLED WITH
   1.16.0.pre.2
